PATH
  remote: .
  specs:
    lab42_open_object (0.0.1)
      forwarder2 (~> 0.2)

GEM
  remote: https://rubygems.org/
  specs:
    byebug (9.1.0)
    codeclimate-test-reporter (1.0.7)
      simplecov
    coderay (1.1.2)
    diff-lcs (1.3)
    docile (1.1.5)
    forwarder2 (0.2.0)
    json (2.1.0)
    lab42_literate (0.1.1)
      rspec (~> 3.7)
    method_source (0.9.0)
    pry (0.11.3)
      coderay (~> 1.1.0)
      method_source (~> 0.9.0)
    pry-byebug (3.5.1)
      byebug (~> 9.1)
      pry (~> 0.10)
    rspec (3.7.0)
      rspec-core (~> 3.7.0)
      rspec-expectations (~> 3.7.0)
      rspec-mocks (~> 3.7.0)
    rspec-core (3.7.0)
      rspec-support (~> 3.7.0)
    rspec-expectations (3.7.0)
      diff-lcs (>= 1.2.0, < 2.0)
      rspec-support (~> 3.7.0)
    rspec-mocks (3.7.0)
      diff-lcs (>= 1.2.0, < 2.0)
      rspec-support (~> 3.7.0)
    rspec-support (3.7.0)
    simplecov (0.15.1)
      docile (~> 1.1.0)
      json (>= 1.8, < 3)
      simplecov-html (~> 0.10.0)
    simplecov-html (0.10.2)
    travis-lint (2.0.0)
      json

PLATFORMS
  ruby

DEPENDENCIES
  codeclimate-test-reporter (~> 1.0)
  lab42_literate (~> 0.1)
  lab42_open_object!
  pry (~> 0.11)
  pry-byebug (~> 3.5)
  rspec (~> 3.7)
  simplecov (~> 0.15)
  travis-lint (~> 2.0)

BUNDLED WITH
   1.16.0
